GEM
  remote: https://rubygems.org/
  specs:
    activemodel (5.2.3)
      activesupport (= 5.2.3)
    activerecord (5.2.3)
      activemodel (= 5.2.3)
      activesupport (= 5.2.3)
      arel (>= 9.0)
    activesupport (5.2.3)
      concurrent-ruby (~> 1.0, >= 1.0.2)
      i18n (>= 0.7, < 2)
      minitest (~> 5.1)
      tzinfo (~> 1.1)
    arel (9.0.0)
    composite_primary_keys (11.2.0)
      activerecord (~> 5.2.1)
    concurrent-ruby (1.1.5)
    data-anonymization (0.8.3)
      activerecord (~> 5.2)
      activesupport (~> 5.2)
      composite_primary_keys (~> 11.0)
      parallel (~> 1.12)
      powerbar (~> 1.0)
      rgeo (~> 1.0)
      rgeo-geojson (~> 2.0)
      thor (~> 0.20.3)
    diff-lcs (1.3)
    hashie (3.6.0)
    i18n (1.6.0)
      concurrent-ruby (~> 1.0)
    minitest (5.11.3)
    parallel (1.17.0)
    pg (1.1.4)
    postgresql (1.0.0)
      pg
    powerbar (1.0.18)
      hashie (>= 1.1.0)
    rgeo (1.1.2)
    rgeo-geojson (2.1.1)
      rgeo (>= 1.0.0)
    rspec (3.8.0)
      rspec-core (~> 3.8.0)
      rspec-expectations (~> 3.8.0)
      rspec-mocks (~> 3.8.0)
    rspec-core (3.8.0)
      rspec-support (~> 3.8.0)
    rspec-expectations (3.8.2)
      diff-lcs (>= 1.2.0, < 2.0)
      rspec-support (~> 3.8.0)
    rspec-mocks (3.8.0)
      diff-lcs (>= 1.2.0, < 2.0)
      rspec-support (~> 3.8.0)
    rspec-support (3.8.0)
    thor (0.20.3)
    thread_safe (0.3.6)
    tzinfo (1.2.5)
      thread_safe (~> 0.1)

PLATFORMS
  ruby

DEPENDENCIES
  data-anonymization
  postgresql
  rspec

BUNDLED WITH
   1.16.6
